GEM
  remote: https://rubygems.org/
  specs:
    awesome_print (0.4.0)
    differ (0.1.2)
    htmlentities (4.3.4)
    mini_portile2 (2.1.0)
    mysql2 (0.4.5)
    nokogiri (1.7.0.1)
      mini_portile2 (~> 2.1.0)

PLATFORMS
  ruby

DEPENDENCIES
  awesome_print (~> 0)
  differ
  htmlentities
  mysql2 (~> 0.4)
  nokogiri (~> 1.7, >= 1.7.0.1)

BUNDLED WITH
   1.14.6
